PATH
  remote: .
  specs:
    benchmark-timed_each (1.0.0)

GEM
  specs:

PLATFORMS
  ruby

DEPENDENCIES
  benchmark-timed_each!
